PATH
  remote: .
  specs:
    colorlog (0.0.4)
      rainbow

GEM
  remote: http://rubygems.org/
  specs:
    json (1.7.4)
    rainbow (1.1.4)
    rake (0.9.2.2)
    rdoc (3.12)
      json (~> 1.4)

PLATFORMS
  ruby

DEPENDENCIES
  colorlog!
  rake (~> 0.9.2)
  rdoc (~> 3.12)
